GEM
  remote: https://rubygems.org/
  specs:
    activesupport (6.1.7.5)
      concurrent-ruby (~> 1.0, >= 1.0.2)
      i18n (>= 1.6, < 2)
      minitest (>= 5.1)
      tzinfo (~> 2.0)
      zeitwerk (~> 2.3)
    builder (3.2.2)
    concurrent-ruby (1.2.2)
    diff-lcs (1.3)
    i18n (1.14.1)
      concurrent-ruby (~> 1.0)
    minitest (5.20.0)
    rack (2.2.8)
    rack-utf8_sanitizer (1.3.2)
      rack (>= 1.0, < 3.0)
    rsolr (1.1.2)
      builder (>= 2.1.2)
    rspec (3.5.0)
      rspec-core (~> 3.5.0)
      rspec-expectations (~> 3.5.0)
      rspec-mocks (~> 3.5.0)
    rspec-core (3.5.4)
      rspec-support (~> 3.5.0)
    rspec-expectations (3.5.0)
      diff-lcs (>= 1.2.0, < 2.0)
      rspec-support (~> 3.5.0)
    rspec-mocks (3.5.0)
      diff-lcs (>= 1.2.0, < 2.0)
      rspec-support (~> 3.5.0)
    rspec-support (3.5.0)
    ruby-progressbar (1.8.1)
    thor (0.19.4)
    tzinfo (2.0.6)
      concurrent-ruby (~> 1.0)
    zeitwerk (2.6.12)

PLATFORMS
  ruby

DEPENDENCIES
  activesupport
  rack-utf8_sanitizer
  rsolr (~> 1.0)
  rspec
  ruby-progressbar
  thor

BUNDLED WITH
   1.14.6
